GEM
  remote: https://rubygems.org/
  specs:
    benchmark-ips (2.6.1)
    colorize (0.8.1)
    domain_name (0.5.20160615)
      unf (>= 0.0.5, < 1.0.0)
    highline (1.7.8)
    http-cookie (1.0.2)
      domain_name (~> 0.5)
    inline (0.1.0)
      highline (>= 1.4.0)
    json (2.0.2)
    mime-types (3.1)
      mime-types-data (~> 3.2015)
    mime-types-data (3.2016.0521)
    mini_portile2 (2.1.0)
    netrc (0.11.0)
    nokogiri (1.6.8)
      mini_portile2 (~> 2.1.0)
      pkg-config (~> 1.1.7)
    pg (0.18.4)
    pkg-config (1.1.7)
    redis (4.1.4)
    rest-client (2.0.0)
      http-cookie (>= 1.0.2, < 2.0)
      mime-types (>= 1.16, < 4.0)
      netrc (~> 0.8)
    unf (0.1.4)
      unf_ext
    unf_ext (0.0.7.2)

PLATFORMS
  ruby

DEPENDENCIES
  benchmark-ips
  colorize
  inline
  json
  nokogiri
  pg
  redis
  rest-client

BUNDLED WITH
   1.13.6
